PATH
  remote: .
  specs:
    koda-auth-omniauth (0.0.1)
      koda-content
      omniauth
      omniauth-github
      sinatra

PATH
  remote: ../koda-content
  specs:
    koda-content (0.0.1)
      bson_ext
      dalli
      json
      mongo
      mongoid
      multi_json (>= 1.5)
      rack-methodoverride-with-params
      shared-mime-info
      sinatra
      sinatra-jsonp

GEM
  remote: https://rubygems.org/
  specs:
    activemodel (3.2.13)
      activesupport (= 3.2.13)
      builder (~> 3.0.0)
    activesupport (3.2.13)
      i18n (= 0.6.1)
      multi_json (~> 1.0)
    bson (1.8.3)
    bson_ext (1.8.3)
      bson (~> 1.8.3)
    builder (3.0.4)
    dalli (2.6.2)
    diff-lcs (1.2.1)
    faraday (0.8.6)
      multipart-post (~> 1.1)
    hashie (1.2.0)
    httpauth (0.2.0)
    i18n (0.6.1)
    json (1.7.7)
    json_pure (1.7.7)
    jwt (0.1.8)
      multi_json (>= 1.5)
    mongo (1.8.3)
      bson (~> 1.8.3)
    mongoid (3.1.2)
      activemodel (~> 3.2)
      moped (~> 1.4.2)
      origin (~> 1.0)
      tzinfo (~> 0.3.22)
    moped (1.4.3)
    multi_json (1.7.1)
    multipart-post (1.2.0)
    oauth2 (0.8.1)
      faraday (~> 0.8)
      httpauth (~> 0.1)
      jwt (~> 0.1.4)
      multi_json (~> 1.0)
      rack (~> 1.2)
    omniauth (1.1.3)
      hashie (~> 1.2)
      rack
    omniauth-github (1.1.0)
      omniauth (~> 1.0)
      omniauth-oauth2 (~> 1.1)
    omniauth-oauth2 (1.1.1)
      oauth2 (~> 0.8.0)
      omniauth (~> 1.0)
    origin (1.0.11)
    rack (1.5.2)
    rack-methodoverride-with-params (1.0.0)
      rack (~> 1)
    rack-protection (1.5.0)
      rack
    rack-test (0.6.2)
      rack (>= 1.0)
    rake (10.0.3)
    rspec (2.13.0)
      rspec-core (~> 2.13.0)
      rspec-expectations (~> 2.13.0)
      rspec-mocks (~> 2.13.0)
    rspec-core (2.13.1)
    rspec-expectations (2.13.0)
      diff-lcs (>= 1.1.3, < 2.0)
    rspec-mocks (2.13.0)
    shared-mime-info (0.1)
    sinatra (1.4.2)
      rack (~> 1.5, >= 1.5.2)
      rack-protection (~> 1.4)
      tilt (~> 1.3, >= 1.3.4)
    sinatra-jsonp (0.3.2)
      json_pure (~> 1.4)
      sinatra (~> 1.0)
    tilt (1.3.6)
    tzinfo (0.3.37)

PLATFORMS
  ruby

DEPENDENCIES
  koda-auth-omniauth!
  koda-content!
  rack-test
  rake
  rspec (>= 2.8)
